PATH
  remote: .
  specs:
    acts_as_permalinkable (0.0.1)

GEM
  remote: https://rubygems.org/
  specs:

PLATFORMS
  ruby

DEPENDENCIES
  acts_as_permalinkable!
